GEM
  remote: https://rubygems.org/
  specs:
    byebug (11.1.3)
    coderay (1.1.2)
    ethon (0.12.0)
      ffi (>= 1.3.0)
    ffi (1.12.2)
    method_source (1.0.0)
    mini_portile2 (2.4.0)
    nokogiri (1.10.9)
      mini_portile2 (~> 2.4.0)
    pry (0.13.1)
      coderay (~> 1.1)
      method_source (~> 1.0)
    pry-byebug (3.9.0)
      byebug (~> 11.0)
      pry (~> 0.13.0)
    pry-doc (1.1.0)
      pry (~> 0.11)
      yard (~> 0.9.11)
    typhoeus (1.3.1)
      ethon (>= 0.9.0)
    yard (0.9.24)

PLATFORMS
  ruby

DEPENDENCIES
  nokogiri
  pry-byebug
  pry-doc
  typhoeus

BUNDLED WITH
   2.1.4
